PATH
  remote: .
  specs:
    spec-talks (0.0.2)
      rspec
      talks

GEM
  remote: http://rubygems.org/
  specs:
    diff-lcs (1.1.3)
    rspec (2.10.0)
      rspec-core (~> 2.10.0)
      rspec-expectations (~> 2.10.0)
      rspec-mocks (~> 2.10.0)
    rspec-core (2.10.1)
    rspec-expectations (2.10.0)
      diff-lcs (~> 1.1.3)
    rspec-mocks (2.10.1)
    talks (0.0.2)

PLATFORMS
  ruby

DEPENDENCIES
  spec-talks!
